GEM
  remote: https://rubygems.org/
  specs:
    json (2.2.0)
    mustermann (1.0.3)
    rack (2.0.7)
    rack-contrib (2.1.0)
      rack (~> 2.0)
    rack-protection (2.0.5)
      rack
    rake (12.3.2)
    rubysl-base64 (2.0.0)
    sinatra (2.0.5)
      mustermann (~> 1.0)
      rack (~> 2.0)
      rack-protection (= 2.0.5)
      tilt (~> 2.0)
    tilt (2.0.9)

PLATFORMS
  ruby

DEPENDENCIES
  json
  rack
  rack-contrib
  rake
  rubysl-base64
  sinatra

BUNDLED WITH
   2.0.2
